GEM
  remote: https://rubygems.org/
  specs:
    chunky_png (1.3.10)
    crass (1.0.3)
    escpos (0.0.6)
    escpos-image (0.0.3)
      chunky_png
      escpos
    faraday (0.14.0)
      multipart-post (>= 1.2, < 3)
    faraday_middleware (0.12.2)
      faraday (>= 0.7.4, < 1.0)
    feedjira (2.1.4)
      faraday (>= 0.9)
      faraday_middleware (>= 0.9)
      loofah (>= 2.0)
      sax-machine (>= 1.0)
    httparty (0.16.1)
      multi_xml (>= 0.5.2)
    loofah (2.2.2)
      crass (~> 1.0.2)
      nokogiri (>= 1.5.9)
    mini_portile2 (2.3.0)
    multi_xml (0.6.0)
    multipart-post (2.0.0)
    nokogiri (1.8.2)
      mini_portile2 (~> 2.3.0)
    sax-machine (1.3.2)

PLATFORMS
  ruby

DEPENDENCIES
  escpos
  escpos-image
  feedjira
  httparty

BUNDLED WITH
   1.16.1
